PATH
  remote: .
  specs:
    veil (0.1.0)
      bcrypt
      pbkdf2

GEM
  remote: https://rubygems.org/
  specs:
    ast (2.2.0)
    bcrypt (3.1.11)
    chefstyle (0.3.0)
      rubocop (= 0.37.2)
    coderay (1.1.1)
    diff-lcs (1.2.5)
    method_source (0.8.2)
    parser (2.3.0.6)
      ast (~> 2.2)
    pbkdf2 (0.1.0)
    powerpack (0.1.1)
    pry (0.10.3)
      coderay (~> 1.1.0)
      method_source (~> 0.8.1)
      slop (~> 3.4)
    rainbow (2.1.0)
    rake (13.0.1)
    rspec (3.4.0)
      rspec-core (~> 3.4.0)
      rspec-expectations (~> 3.4.0)
      rspec-mocks (~> 3.4.0)
    rspec-core (3.4.4)
      rspec-support (~> 3.4.0)
    rspec-expectations (3.4.0)
      diff-lcs (>= 1.2.0, < 2.0)
      rspec-support (~> 3.4.0)
    rspec-mocks (3.4.1)
      diff-lcs (>= 1.2.0, < 2.0)
      rspec-support (~> 3.4.0)
    rspec-support (3.4.1)
    rubocop (0.37.2)
      parser (>= 2.3.0.4, < 3.0)
      powerpack (~> 0.1)
      rainbow (>= 1.99.1, < 3.0)
      ruby-progressbar (~> 1.7)
      unicode-display_width (~> 0.3)
    ruby-progressbar (1.7.5)
    slop (3.6.0)
    unicode-display_width (0.3.1)

PLATFORMS
  ruby

DEPENDENCIES
  bundler
  chefstyle
  pry
  rake
  rspec (~> 3.0)
  veil!

BUNDLED WITH
   1.11.2
